PATH
  remote: .
  specs:
    everyday-plugins (1.2.1)
      everyday-cli-utils (~> 1.8, >= 1.8.7.2)

GEM
  remote: https://rubygems.org/
  specs:
    diff-lcs (1.3)
    everyday-cli-utils (1.8.7.2)
    rake (12.3.3)
    rspec (3.8.0)
      rspec-core (~> 3.8.0)
      rspec-expectations (~> 3.8.0)
      rspec-mocks (~> 3.8.0)
    rspec-core (3.8.2)
      rspec-support (~> 3.8.0)
    rspec-expectations (3.8.4)
      diff-lcs (>= 1.2.0, < 2.0)
      rspec-support (~> 3.8.0)
    rspec-mocks (3.8.1)
      diff-lcs (>= 1.2.0, < 2.0)
      rspec-support (~> 3.8.0)
    rspec-support (3.8.2)

PLATFORMS
  ruby

DEPENDENCIES
  bundler (~> 2.0)
  everyday-plugins!
  rake (~> 12.3)
  rspec (~> 3.8)

BUNDLED WITH
   2.0.2
