PATH
  remote: .
  specs:
    everyday-plugins (1.2.0)
      everyday-cli-utils (~> 1.8, >= 1.8.6)

GEM
  remote: https://rubygems.org/
  specs:
    diff-lcs (1.2.5)
    everyday-cli-utils (1.8.6)
    rake (10.4.2)
    rspec (3.4.0)
      rspec-core (~> 3.4.0)
      rspec-expectations (~> 3.4.0)
      rspec-mocks (~> 3.4.0)
    rspec-core (3.4.1)
      rspec-support (~> 3.4.0)
    rspec-expectations (3.4.0)
      diff-lcs (>= 1.2.0, < 2.0)
      rspec-support (~> 3.4.0)
    rspec-mocks (3.4.0)
      diff-lcs (>= 1.2.0, < 2.0)
      rspec-support (~> 3.4.0)
    rspec-support (3.4.1)

PLATFORMS
  ruby

DEPENDENCIES
  bundler (~> 1.10)
  everyday-plugins!
  rake (~> 10.4)
  rspec (~> 3.4)

BUNDLED WITH
   1.11.2
